GEM
  remote: http://rubygems.org/
  specs:
    actioncable (5.0.0)
      actionpack (= 5.0.0)
      nio4r (~> 1.2)
      websocket-driver (~> 0.6.1)
    actionmailer (5.0.0)
      actionpack (= 5.0.0)
      actionview (= 5.0.0)
      activejob (= 5.0.0)
      mail (~> 2.5, >= 2.5.4)
      rails-dom-testing (~> 2.0)
    actionpack (5.0.0)
      actionview (= 5.0.0)
      activesupport (= 5.0.0)
      rack (~> 2.0)
      rack-test (~> 0.6.3)
      rails-dom-testing (~> 2.0)
      rails-html-sanitizer (~> 1.0, >= 1.0.2)
    actionview (5.0.0)
      activesupport (= 5.0.0)
      builder (~> 3.1)
      erubis (~> 2.7.0)
      rails-dom-testing (~> 2.0)
      rails-html-sanitizer (~> 1.0, >= 1.0.2)
    activejob (5.0.0)
      activesupport (= 5.0.0)
      globalid (>= 0.3.6)
    activemodel (5.0.0)
      activesupport (= 5.0.0)
    activerecord (5.0.0)
      activemodel (= 5.0.0)
      activesupport (= 5.0.0)
      arel (~> 7.0)
    activesupport (5.0.0)
      concurrent-ruby (~> 1.0, >= 1.0.2)
      i18n (~> 0.7)
      minitest (~> 5.1)
      tzinfo (~> 1.1)
    addressable (2.4.0)
    algoliasearch (1.12.0)
      httpclient (~> 2.8.2.4)
      json (>= 1.5.1)
    arel (7.1.0)
    backports (3.6.8)
    builder (3.2.2)
    concurrent-ruby (1.0.2)
    diff-lcs (1.2.5)
    erubis (2.7.0)
    ethon (0.9.0)
      ffi (>= 1.3.0)
    faraday (0.9.2)
      multipart-post (>= 1.2, < 3)
    faraday_middleware (0.10.0)
      faraday (>= 0.7.4, < 0.10)
    ffi (1.9.14)
    ffi2-generators (0.1.1)
    gh (0.14.0)
      addressable
      backports
      faraday (~> 0.8)
      multi_json (~> 1.0)
      net-http-persistent (>= 2.7)
      net-http-pipeline
    globalid (0.3.6)
      activesupport (>= 4.1.0)
    highline (1.7.8)
    httpclient (2.8.2.4)
    i18n (0.7.0)
    json (1.8.3)
    kaminari (0.17.0)
      actionpack (>= 3.0.0)
      activesupport (>= 3.0.0)
    launchy (2.4.3)
      addressable (~> 2.3)
    loofah (2.0.3)
      nokogiri (>= 1.5.9)
    mail (2.6.4)
      mime-types (>= 1.16, < 4)
    method_source (0.8.2)
    mime-types (3.1)
      mime-types-data (~> 3.2015)
    mime-types-data (3.2016.0521)
    mini_portile2 (2.1.0)
    minitest (5.9.0)
    multi_json (1.12.1)
    multipart-post (2.0.0)
    net-http-persistent (2.9.4)
    net-http-pipeline (1.0.1)
    nio4r (1.2.1)
    nokogiri (1.6.8)
      mini_portile2 (~> 2.1.0)
      pkg-config (~> 1.1.7)
    pkg-config (1.1.7)
    pusher-client (0.6.2)
      json
      websocket (~> 1.0)
    rack (2.0.1)
    rack-test (0.6.3)
      rack (>= 1.0)
    rails (5.0.0)
      actioncable (= 5.0.0)
      actionmailer (= 5.0.0)
      actionpack (= 5.0.0)
      actionview (= 5.0.0)
      activejob (= 5.0.0)
      activemodel (= 5.0.0)
      activerecord (= 5.0.0)
      activesupport (= 5.0.0)
      bundler (>= 1.3.0, < 2.0)
      railties (= 5.0.0)
      sprockets-rails (>= 2.0.0)
    rails-dom-testing (2.0.1)
      activesupport (>= 4.2.0, < 6.0)
      nokogiri (~> 1.6.0)
    rails-html-sanitizer (1.0.3)
      loofah (~> 2.0)
    railties (5.0.0)
      actionpack (= 5.0.0)
      activesupport (= 5.0.0)
      method_source
      rake (>= 0.8.7)
      thor (>= 0.18.1, < 2.0)
    rake (10.1.1)
    rdoc (4.2.2)
      json (~> 1.4)
    redgreen (1.2.2)
    rspec (2.99.0)
      rspec-core (~> 2.99.0)
      rspec-expectations (~> 2.99.0)
      rspec-mocks (~> 2.99.0)
    rspec-core (2.99.2)
    rspec-expectations (2.99.2)
      diff-lcs (>= 1.1.3, < 2.0)
    rspec-mocks (2.99.4)
    rubysl (2.2.0)
      rubysl-abbrev (~> 2.0)
      rubysl-base64 (~> 2.0)
      rubysl-benchmark (~> 2.0)
      rubysl-bigdecimal (~> 2.0)
      rubysl-cgi (~> 2.0)
      rubysl-cgi-session (~> 2.0)
      rubysl-cmath (~> 2.0)
      rubysl-complex (~> 2.0)
      rubysl-continuation (~> 2.0)
      rubysl-coverage (~> 2.0)
      rubysl-csv (~> 2.0)
      rubysl-curses (~> 2.0)
      rubysl-date (~> 2.0)
      rubysl-delegate (~> 2.0)
      rubysl-digest (~> 2.0)
      rubysl-drb (~> 2.0)
      rubysl-e2mmap (~> 2.0)
      rubysl-english (~> 2.0)
      rubysl-enumerator (~> 2.0)
      rubysl-erb (~> 2.0)
      rubysl-etc (~> 2.0)
      rubysl-expect (~> 2.0)
      rubysl-fcntl (~> 2.0)
      rubysl-fiber (~> 2.0)
      rubysl-fileutils (~> 2.0)
      rubysl-find (~> 2.0)
      rubysl-forwardable (~> 2.0)
      rubysl-getoptlong (~> 2.0)
      rubysl-gserver (~> 2.0)
      rubysl-io-console (~> 2.0)
      rubysl-io-nonblock (~> 2.0)
      rubysl-io-wait (~> 2.0)
      rubysl-ipaddr (~> 2.0)
      rubysl-irb (~> 2.1)
      rubysl-logger (~> 2.0)
      rubysl-mathn (~> 2.0)
      rubysl-matrix (~> 2.0)
      rubysl-mkmf (~> 2.0)
      rubysl-monitor (~> 2.0)
      rubysl-mutex_m (~> 2.0)
      rubysl-net-ftp (~> 2.0)
      rubysl-net-http (~> 2.0)
      rubysl-net-imap (~> 2.0)
      rubysl-net-pop (~> 2.0)
      rubysl-net-protocol (~> 2.0)
      rubysl-net-smtp (~> 2.0)
      rubysl-net-telnet (~> 2.0)
      rubysl-nkf (~> 2.0)
      rubysl-observer (~> 2.0)
      rubysl-open-uri (~> 2.0)
      rubysl-open3 (~> 2.0)
      rubysl-openssl (~> 2.0)
      rubysl-optparse (~> 2.0)
      rubysl-ostruct (~> 2.0)
      rubysl-pathname (~> 2.0)
      rubysl-prettyprint (~> 2.0)
      rubysl-prime (~> 2.0)
      rubysl-profile (~> 2.0)
      rubysl-profiler (~> 2.0)
      rubysl-pstore (~> 2.0)
      rubysl-pty (~> 2.0)
      rubysl-rational (~> 2.0)
      rubysl-resolv (~> 2.0)
      rubysl-rexml (~> 2.0)
      rubysl-rinda (~> 2.0)
      rubysl-rss (~> 2.0)
      rubysl-scanf (~> 2.0)
      rubysl-securerandom (~> 2.0)
      rubysl-set (~> 2.0)
      rubysl-shellwords (~> 2.0)
      rubysl-singleton (~> 2.0)
      rubysl-socket (~> 2.0)
      rubysl-stringio (~> 2.0)
      rubysl-strscan (~> 2.0)
      rubysl-sync (~> 2.0)
      rubysl-syslog (~> 2.0)
      rubysl-tempfile (~> 2.0)
      rubysl-thread (~> 2.0)
      rubysl-thwait (~> 2.0)
      rubysl-time (~> 2.0)
      rubysl-timeout (~> 2.0)
      rubysl-tmpdir (~> 2.0)
      rubysl-tsort (~> 2.0)
      rubysl-un (~> 2.0)
      rubysl-unicode_normalize (~> 2.0)
      rubysl-uri (~> 2.0)
      rubysl-weakref (~> 2.0)
      rubysl-webrick (~> 2.0)
      rubysl-xmlrpc (~> 2.0)
      rubysl-yaml (~> 2.0)
      rubysl-zlib (~> 2.0)
    rubysl-abbrev (2.0.4)
    rubysl-base64 (2.0.0)
    rubysl-benchmark (2.0.1)
    rubysl-bigdecimal (2.0.2)
    rubysl-cgi (2.0.1)
    rubysl-cgi-session (2.1.0)
    rubysl-cmath (2.0.0)
    rubysl-complex (2.0.0)
    rubysl-continuation (2.0.0)
    rubysl-coverage (2.1)
    rubysl-csv (2.0.2)
      rubysl-english (~> 2.0)
    rubysl-curses (2.0.1)
    rubysl-date (2.0.9)
    rubysl-delegate (2.0.1)
    rubysl-digest (2.0.8)
    rubysl-drb (2.0.1)
    rubysl-e2mmap (2.0.0)
    rubysl-english (2.0.0)
    rubysl-enumerator (2.0.0)
    rubysl-erb (2.0.2)
    rubysl-etc (2.0.3)
      ffi2-generators (~> 0.1)
    rubysl-expect (2.0.0)
    rubysl-fcntl (2.0.4)
      ffi2-generators (~> 0.1)
    rubysl-fiber (2.0.0)
    rubysl-fileutils (2.0.3)
    rubysl-find (2.0.1)
    rubysl-forwardable (2.0.1)
    rubysl-getoptlong (2.0.0)
    rubysl-gserver (2.0.0)
      rubysl-socket (~> 2.0)
      rubysl-thread (~> 2.0)
    rubysl-io-console (2.0.0)
    rubysl-io-nonblock (2.0.0)
    rubysl-io-wait (2.0.0)
    rubysl-ipaddr (2.0.0)
    rubysl-irb (2.1.1)
      rubysl-e2mmap (~> 2.0)
      rubysl-mathn (~> 2.0)
      rubysl-thread (~> 2.0)
    rubysl-logger (2.1.0)
    rubysl-mathn (2.0.0)
    rubysl-matrix (2.1.0)
      rubysl-e2mmap (~> 2.0)
    rubysl-mkmf (2.1)
      rubysl-fileutils (~> 2.0)
      rubysl-shellwords (~> 2.0)
    rubysl-monitor (2.0.0)
    rubysl-mutex_m (2.0.0)
    rubysl-net-ftp (2.0.1)
    rubysl-net-http (2.0.4)
      rubysl-cgi (~> 2.0)
      rubysl-erb (~> 2.0)
      rubysl-singleton (~> 2.0)
    rubysl-net-imap (2.0.1)
    rubysl-net-pop (2.0.1)
    rubysl-net-protocol (2.0.1)
    rubysl-net-smtp (2.0.1)
    rubysl-net-telnet (2.0.0)
    rubysl-nkf (2.0.1)
    rubysl-observer (2.0.0)
    rubysl-open-uri (2.0.0)
    rubysl-open3 (2.0.0)
    rubysl-openssl (2.8.0)
    rubysl-optparse (2.0.1)
      rubysl-shellwords (~> 2.0)
    rubysl-ostruct (2.1.0)
    rubysl-pathname (2.3)
    rubysl-prettyprint (2.0.3)
    rubysl-prime (2.0.1)
    rubysl-profile (2.0.0)
    rubysl-profiler (2.1)
    rubysl-pstore (2.0.0)
    rubysl-pty (2.0.3)
    rubysl-rational (2.0.1)
    rubysl-resolv (2.1.2)
    rubysl-rexml (2.0.4)
    rubysl-rinda (2.0.1)
    rubysl-rss (2.0.0)
    rubysl-scanf (2.0.0)
    rubysl-securerandom (2.0.0)
    rubysl-set (2.0.1)
    rubysl-shellwords (2.0.0)
    rubysl-singleton (2.0.0)
    rubysl-socket (2.1.2)
      rubysl-fcntl (~> 2.0)
    rubysl-stringio (2.1.0)
    rubysl-strscan (2.0.0)
    rubysl-sync (2.0.0)
    rubysl-syslog (2.1.0)
      ffi2-generators (~> 0.1)
    rubysl-tempfile (2.0.1)
    rubysl-thread (2.0.3)
    rubysl-thwait (2.0.0)
    rubysl-time (2.0.3)
    rubysl-timeout (2.0.0)
    rubysl-tmpdir (2.0.1)
    rubysl-tsort (2.0.1)
    rubysl-un (2.0.0)
      rubysl-fileutils (~> 2.0)
      rubysl-optparse (~> 2.0)
    rubysl-unicode_normalize (2.0)
    rubysl-uri (2.0.0)
    rubysl-weakref (2.0.0)
    rubysl-webrick (2.0.0)
    rubysl-xmlrpc (2.0.0)
    rubysl-yaml (2.1.0)
    rubysl-zlib (2.0.1)
    sequel (4.36.0)
    sprockets (3.7.0)
      concurrent-ruby (~> 1.0)
      rack (> 1, < 3)
    sprockets-rails (3.1.1)
      actionpack (>= 4.0)
      activesupport (>= 4.0)
      sprockets (>= 3.0.0)
    sqlite3 (1.3.11)
    thor (0.19.1)
    thread_safe (0.3.5)
    travis (1.8.2)
      backports
      faraday (~> 0.9)
      faraday_middleware (~> 0.9, >= 0.9.1)
      gh (~> 0.13)
      highline (~> 1.6)
      launchy (~> 2.1)
      pusher-client (~> 0.4)
      typhoeus (~> 0.6, >= 0.6.8)
    typhoeus (0.8.0)
      ethon (>= 0.8.0)
    tzinfo (1.2.2)
      thread_safe (~> 0.1)
    websocket (1.2.3)
    websocket-driver (0.6.4)
      websocket-extensions (>= 0.1.0)
    websocket-extensions (0.1.2)
    will_paginate (3.1.0)

PLATFORMS
  ruby

DEPENDENCIES
  activerecord-jdbc-adapter
  activerecord-jdbcsqlite3-adapter
  algoliasearch (~> 1.12.0)
  jdbc-sqlite3
  json (~> 1.5, >= 1.5.1)
  kaminari
  rails (>= 3.2.0)
  rake (~> 10.1.0)
  rdoc
  redgreen
  rspec (>= 2.5.0, < 3.0)
  rubysl (~> 2.0)
  sequel
  sqlite3
  travis
  will_paginate (>= 2.3.15)

BUNDLED WITH
   1.12.5
